GEM
  remote: https://rubygems.org/
  specs:
    directory_watcher (1.4.1)
    haml (4.0.3)
      tilt
    redcarpet (2.3.0)
    sass (3.2.12)
    slop (3.3.2)
    stasis (0.2.0)
      directory_watcher (= 1.4.1)
      slop (= 3.3.2)
      tilt (= 1.3.3)
    tilt (1.3.3)

PLATFORMS
  ruby

DEPENDENCIES
  haml
  redcarpet
  sass
  stasis
