GEM
  remote: https://rubygems.org/
  specs:
    bourbon (3.1.8)
      sass (>= 3.2.0)
      thor
    directory_watcher (1.4.1)
    haml (4.0.3)
      tilt
    neat (1.4.0)
      bourbon (>= 2.1)
      sass (>= 3.2)
    redcarpet (2.3.0)
    sass (3.2.12)
    slop (3.3.2)
    stasis (0.2.0)
      directory_watcher (= 1.4.1)
      slop (= 3.3.2)
      tilt (= 1.3.3)
    thor (0.18.1)
    tilt (1.3.3)

PLATFORMS
  ruby

DEPENDENCIES
  bourbon
  haml
  neat
  redcarpet
  sass
  stasis
